PATH
  remote: .
  specs:
    placeholder_image (0.1.1)
      rmagick (>= 2.0)

GEM
  remote: http://rubygems.org/
  specs:
    rmagick (2.13.1)

PLATFORMS
  ruby

DEPENDENCIES
  placeholder_image!
  rmagick (>= 2.0)
